PATH
  remote: .
  specs:
    temescal (0.1.2)
      rack

GEM
  remote: https://rubygems.org/
  specs:
    activemodel (4.0.2)
      activesupport (= 4.0.2)
      builder (~> 3.1.0)
    activerecord (4.0.2)
      activemodel (= 4.0.2)
      activerecord-deprecated_finders (~> 1.0.2)
      activesupport (= 4.0.2)
      arel (~> 4.0.0)
    activerecord-deprecated_finders (1.0.3)
    activesupport (4.0.2)
      i18n (~> 0.6, >= 0.6.4)
      minitest (~> 4.2)
      multi_json (~> 1.3)
      thread_safe (~> 0.1)
      tzinfo (~> 0.3.37)
    airbrake (3.1.6)
      builder
      girl_friday
    arel (4.0.1)
    atomic (1.1.14)
    awesome_print (1.2.0)
    bugsnag (1.8.4)
      httparty (>= 0.6, < 1.0)
      multi_json (~> 1.0)
    builder (3.1.4)
    coderay (1.1.0)
    columnize (0.3.6)
    connection_pool (0.9.3)
    debugger (1.6.5)
      columnize (>= 0.3.1)
      debugger-linecache (~> 1.2.0)
      debugger-ruby_core_source (~> 1.3.1)
    debugger-linecache (1.2.0)
    debugger-ruby_core_source (1.3.1)
    diff-lcs (1.2.5)
    docile (1.1.1)
    girl_friday (0.11.1)
      connection_pool (~> 0.9.0)
      rubinius-actor
    httparty (0.12.0)
      json (~> 1.8)
      multi_xml (>= 0.5.2)
    i18n (0.6.9)
    json (1.8.1)
    method_source (0.8.2)
    minitest (4.7.5)
    multi_json (1.8.2)
    multi_xml (0.5.5)
    newrelic_rpm (3.6.8.164)
    pry (0.9.12.4)
      coderay (~> 1.0)
      method_source (~> 0.8)
      slop (~> 3.4)
    pry-debugger (0.2.2)
      debugger (~> 1.3)
      pry (~> 0.9.10)
    rack (1.5.2)
    rack-protection (1.5.2)
      rack
    rake (10.1.0)
    rspec (2.14.1)
      rspec-core (~> 2.14.0)
      rspec-expectations (~> 2.14.0)
      rspec-mocks (~> 2.14.0)
    rspec-core (2.14.7)
    rspec-expectations (2.14.4)
      diff-lcs (>= 1.1.3, < 2.0)
    rspec-mocks (2.14.4)
    rubinius-actor (0.0.2)
      rubinius-core-api
    rubinius-core-api (0.0.1)
    simplecov (0.8.2)
      docile (~> 1.1.0)
      multi_json
      simplecov-html (~> 0.8.0)
    simplecov-html (0.8.0)
    sinatra (1.4.4)
      rack (~> 1.4)
      rack-protection (~> 1.4)
      tilt (~> 1.3, >= 1.3.4)
    slop (3.4.7)
    thread_safe (0.1.3)
      atomic
    tilt (1.4.1)
    tzinfo (0.3.38)

PLATFORMS
  ruby

DEPENDENCIES
  activerecord
  airbrake
  awesome_print
  bugsnag
  bundler
  newrelic_rpm
  pry
  pry-debugger
  rake
  rspec
  simplecov
  sinatra
  temescal!
