PATH
  remote: .
  specs:
    temescal (0.1.0)
      rack

GEM
  remote: https://rubygems.org/
  specs:
    awesome_print (1.2.0)
    coderay (1.1.0)
    columnize (0.3.6)
    debugger (1.6.5)
      columnize (>= 0.3.1)
      debugger-linecache (~> 1.2.0)
      debugger-ruby_core_source (~> 1.3.1)
    debugger-linecache (1.2.0)
    debugger-ruby_core_source (1.3.1)
    diff-lcs (1.2.5)
    docile (1.1.1)
    method_source (0.8.2)
    multi_json (1.8.2)
    newrelic_rpm (3.6.8.164)
    pry (0.9.12.4)
      coderay (~> 1.0)
      method_source (~> 0.8)
      slop (~> 3.4)
    pry-debugger (0.2.2)
      debugger (~> 1.3)
      pry (~> 0.9.10)
    rack (1.5.2)
    rake (10.1.0)
    rspec (2.14.1)
      rspec-core (~> 2.14.0)
      rspec-expectations (~> 2.14.0)
      rspec-mocks (~> 2.14.0)
    rspec-core (2.14.7)
    rspec-expectations (2.14.4)
      diff-lcs (>= 1.1.3, < 2.0)
    rspec-mocks (2.14.4)
    simplecov (0.8.2)
      docile (~> 1.1.0)
      multi_json
      simplecov-html (~> 0.8.0)
    simplecov-html (0.8.0)
    slop (3.4.7)

PLATFORMS
  ruby

DEPENDENCIES
  awesome_print
  bundler
  newrelic_rpm
  pry
  pry-debugger
  rake
  rspec
  simplecov
  temescal!
